GEM
  remote: https://rubygems.org/
  specs:
    bson (4.2.2)
    charon (1.0.0)
    mongo (2.4.2)
      bson (>= 4.2.1, < 5.0.0)
    rack (1.6.8)
    rack-protection (1.5.3)
      rack
    sinatra (1.3.6)
      rack (~> 1.4)
      rack-protection (~> 1.3)
      tilt (~> 1.3, >= 1.3.3)
    surbl_client (0.1)
    tilt (1.4.1)

PLATFORMS
  ruby

DEPENDENCIES
  charon
  mongo
  sinatra (~> 1.3.4)
  surbl_client

BUNDLED WITH
   1.10.6
